PATH
  remote: .
  specs:
    large_object_store (1.3.4)

GEM
  remote: https://rubygems.org/
  specs:
    activesupport (4.2.10)
      i18n (~> 0.7)
      minitest (~> 5.1)
      thread_safe (~> 0.3, >= 0.3.4)
      tzinfo (~> 1.1)
    bump (0.5.4)
    concurrent-ruby (1.0.5)
    dalli (2.7.6)
    diff-lcs (1.3)
    i18n (0.9.3)
      concurrent-ruby (~> 1.0)
    minitest (5.11.2)
    rake (12.3.0)
    rspec (2.99.0)
      rspec-core (~> 2.99.0)
      rspec-expectations (~> 2.99.0)
      rspec-mocks (~> 2.99.0)
    rspec-core (2.99.2)
    rspec-expectations (2.99.2)
      diff-lcs (>= 1.1.3, < 2.0)
    rspec-mocks (2.99.4)
    thread_safe (0.3.6)
    tzinfo (1.2.4)
      thread_safe (~> 0.1)

PLATFORMS
  ruby

DEPENDENCIES
  activesupport
  bump
  dalli
  large_object_store!
  rake
  rspec (~> 2)

BUNDLED WITH
   1.17.3
